GIT
  remote: https://github.com/Driversnote-Dev/guard-erb_lint.git
  revision: 2ba3c5d21f5e891df97a3b7c03e56d7d19bf15a2
  specs:
    guard-erb_lint (1.0.0)
      activesupport
      erb_lint
      guard-compat (>= 1)

GIT
  remote: https://github.com/arthurnn/code-scanning-rubocop.git
  revision: 3077502361b66fd7e73b056a917649e40f87eb03
  specs:
    code-scanning-rubocop (0.6.1)
      rubocop (~> 1.0)

GEM
  remote: https://rubygems.org/
  specs:
    actioncable (7.2.2.1)
      actionpack (= 7.2.2.1)
      activesupport (= 7.2.2.1)
      nio4r (~> 2.0)
      websocket-driver (>= 0.6.1)
      zeitwerk (~> 2.6)
    actionmailbox (7.2.2.1)
      actionpack (= 7.2.2.1)
      activejob (= 7.2.2.1)
      activerecord (= 7.2.2.1)
      activestorage (= 7.2.2.1)
      activesupport (= 7.2.2.1)
      mail (>= 2.8.0)
    actionmailer (7.2.2.1)
      actionpack (= 7.2.2.1)
      actionview (= 7.2.2.1)
      activejob (= 7.2.2.1)
      activesupport (= 7.2.2.1)
      mail (>= 2.8.0)
      rails-dom-testing (~> 2.2)
    actionpack (7.2.2.1)
      actionview (= 7.2.2.1)
      activesupport (= 7.2.2.1)
      nokogiri (>= 1.8.5)
      racc
      rack (>= 2.2.4, < 3.2)
      rack-session (>= 1.0.1)
      rack-test (>= 0.6.3)
      rails-dom-testing (~> 2.2)
      rails-html-sanitizer (~> 1.6)
      useragent (~> 0.16)
    actiontext (7.2.2.1)
      actionpack (= 7.2.2.1)
      activerecord (= 7.2.2.1)
      activestorage (= 7.2.2.1)
      activesupport (= 7.2.2.1)
      globalid (>= 0.6.0)
      nokogiri (>= 1.8.5)
    actionview (7.2.2.1)
      activesupport (= 7.2.2.1)
      builder (~> 3.1)
      erubi (~> 1.11)
      rails-dom-testing (~> 2.2)
      rails-html-sanitizer (~> 1.6)
    activejob (7.2.2.1)
      activesupport (= 7.2.2.1)
      globalid (>= 0.3.6)
    activemodel (7.2.2.1)
      activesupport (= 7.2.2.1)
    activerecord (7.2.2.1)
      activemodel (= 7.2.2.1)
      activesupport (= 7.2.2.1)
      timeout (>= 0.4.0)
    activestorage (7.2.2.1)
      actionpack (= 7.2.2.1)
      activejob (= 7.2.2.1)
      activerecord (= 7.2.2.1)
      activesupport (= 7.2.2.1)
      marcel (~> 1.0)
    activesupport (7.2.2.1)
      base64
      benchmark (>= 0.3)
      bigdecimal
      concurrent-ruby (~> 1.0, >= 1.3.1)
      connection_pool (>= 2.2.5)
      drb
      i18n (>= 1.6, < 2)
      logger (>= 1.4.2)
      minitest (>= 5.1)
      securerandom (>= 0.3)
      tzinfo (~> 2.0, >= 2.0.5)
    addressable (2.8.7)
      public_suffix (>= 2.0.2, < 7.0)
    annotate (3.2.0)
      activerecord (>= 3.2, < 8.0)
      rake (>= 10.4, < 14.0)
    assert_json (1.0.0)
      activesupport
    ast (2.4.2)
    async (2.21.1)
      console (~> 1.29)
      fiber-annotation
      io-event (~> 1.6, >= 1.6.5)
    async-http (0.86.0)
      async (>= 2.10.2)
      async-pool (~> 0.9)
      io-endpoint (~> 0.14)
      io-stream (~> 0.6)
      metrics (~> 0.12)
      protocol-http (~> 0.43)
      protocol-http1 (>= 0.28.1)
      protocol-http2 (~> 0.22)
      traces (~> 0.10)
    async-pool (0.10.2)
      async (>= 1.25)
      traces
    async-rest (0.19.1)
      async-http (~> 0.42)
      protocol-http (~> 0.45)
    base64 (0.2.0)
    benchmark (0.4.0)
    better_html (2.1.1)
      actionview (>= 6.0)
      activesupport (>= 6.0)
      ast (~> 2.0)
      erubi (~> 1.4)
      parser (>= 2.4)
      smart_properties
    bigdecimal (3.1.9)
    bindex (0.8.1)
    bootsnap (1.18.4)
      msgpack (~> 1.2)
    brakeman (7.0.0)
      racc
    brotli (0.6.0)
    builder (3.3.0)
    bundler-audit (0.9.2)
      bundler (>= 1.2.0, < 3)
      thor (~> 1.0)
    cloudflare (4.4.0)
      async-rest (~> 0.18)
    cloudflare-rails (6.2.0)
      actionpack (>= 7.1.0, < 8.1.0)
      activesupport (>= 7.1.0, < 8.1.0)
      railties (>= 7.1.0, < 8.1.0)
      zeitwerk (>= 2.5.0)
    coderay (1.1.3)
    concurrent-ruby (1.3.5)
    connection_pool (2.5.0)
    console (1.29.2)
      fiber-annotation
      fiber-local (~> 1.1)
      json
    crass (1.0.6)
    data_migrate (11.2.0)
      activerecord (>= 6.1)
      railties (>= 6.1)
    date (3.4.1)
    debug (1.10.0)
      irb (~> 1.10)
      reline (>= 0.3.8)
    diff-lcs (1.5.1)
    dockerfile-rails (1.7.8)
      rails (>= 3.0.0)
    drb (2.2.1)
    erb_lint (0.9.0)
      activesupport
      better_html (>= 2.0.1)
      parser (>= 2.7.1.4)
      rainbow
      rubocop (>= 1)
      smart_properties
    erubi (1.13.1)
    et-orbi (1.2.11)
      tzinfo
    ffi (1.17.0-aarch64-linux-gnu)
    ffi (1.17.0-arm64-darwin)
    ffi (1.17.0-x86_64-darwin)
    ffi (1.17.0-x86_64-linux-gnu)
    fiber-annotation (0.2.0)
    fiber-local (1.1.0)
      fiber-storage
    fiber-storage (1.0.0)
    formatador (1.1.0)
    fugit (1.11.1)
      et-orbi (~> 1, >= 1.2.11)
      raabro (~> 1.4)
    globalid (1.2.1)
      activesupport (>= 6.1)
    guard (2.18.1)
      formatador (>= 0.2.4)
      listen (>= 2.7, < 4.0)
      lumberjack (>= 1.0.12, < 2.0)
      nenv (~> 0.1)
      notiffany (~> 0.0)
      pry (>= 0.13.0)
      shellany (~> 0.0)
      thor (>= 0.18.1)
    guard-bundler-audit (0.1.5)
      bundler-audit (>= 0.6.0)
      guard (~> 2.0)
    guard-compat (1.2.1)
    guard-rspec (4.7.3)
      guard (~> 2.1)
      guard-compat (~> 1.1)
      rspec (>= 2.99.0, < 4.0)
    guard-rubocop (1.5.0)
      guard (~> 2.0)
      rubocop (< 2.0)
    guard-shell (0.7.2)
      guard (>= 2.0.0)
      guard-compat (~> 1.0)
    highline (3.1.1)
      reline
    honeybadger (5.26.4)
      logger
      ostruct
    hotwire-livereload (2.0.0)
      actioncable (>= 7.0.0)
      listen (>= 3.0.0)
      railties (>= 7.0.0)
    i18n (1.14.7)
      concurrent-ruby (~> 1.0)
    importmap-rails (2.1.0)
      actionpack (>= 6.0.0)
      activesupport (>= 6.0.0)
      railties (>= 6.0.0)
    io-console (0.8.0)
    io-endpoint (0.14.0)
    io-event (1.7.4)
    io-stream (0.6.1)
    irb (1.15.1)
      pp (>= 0.6.0)
      rdoc (>= 4.0.0)
      reline (>= 0.4.2)
    jb (0.8.2)
    json (2.10.1)
    json-schema (5.1.1)
      addressable (~> 2.8)
      bigdecimal (~> 3.1)
    language_server-protocol (3.17.0.4)
    libxml-ruby (5.0.3)
    lint_roller (1.1.0)
    listen (3.9.0)
      rb-fsevent (~> 0.10, >= 0.10.3)
      rb-inotify (~> 0.9, >= 0.9.10)
    litestack (0.4.4)
      erubi (~> 1)
      oj (~> 3)
      rack (~> 3)
      rackup (~> 2)
      sqlite3 (>= 1.6.0, < 2.0.0)
      tilt (~> 2)
    litestream (0.12.0)
      actionpack (>= 7.0)
      actionview (>= 7.0)
      activejob (>= 7.0)
      activesupport (>= 7.0)
      logfmt (>= 0.0.10)
      railties (>= 7.0)
      sqlite3
    litestream (0.12.0-arm64-darwin)
      actionpack (>= 7.0)
      actionview (>= 7.0)
      activejob (>= 7.0)
      activesupport (>= 7.0)
      logfmt (>= 0.0.10)
      railties (>= 7.0)
      sqlite3
    litestream (0.12.0-x86_64-darwin)
      actionpack (>= 7.0)
      actionview (>= 7.0)
      activejob (>= 7.0)
      activesupport (>= 7.0)
      logfmt (>= 0.0.10)
      railties (>= 7.0)
      sqlite3
    litestream (0.12.0-x86_64-linux)
      actionpack (>= 7.0)
      actionview (>= 7.0)
      activejob (>= 7.0)
      activesupport (>= 7.0)
      logfmt (>= 0.0.10)
      railties (>= 7.0)
      sqlite3
    logfmt (0.0.10)
    logger (1.6.6)
    lograge (0.14.0)
      actionpack (>= 4)
      activesupport (>= 4)
      railties (>= 4)
      request_store (~> 1.0)
    loofah (2.24.0)
      crass (~> 1.0.2)
      nokogiri (>= 1.12.0)
    lumberjack (1.2.10)
    mail (2.8.1)
      mini_mime (>= 0.1.1)
      net-imap
      net-pop
      net-smtp
    marcel (1.0.4)
    method_source (1.1.0)
    metrics (0.12.1)
    mini_mime (1.1.5)
    minitest (5.25.4)
    msgpack (1.7.2)
    nenv (0.3.0)
    net-imap (0.5.6)
      date
      net-protocol
    net-pop (0.1.2)
      net-protocol
    net-protocol (0.2.2)
      timeout
    net-smtp (0.5.1)
      net-protocol
    nilify_blanks (1.4.0)
      activerecord (>= 4.0.0)
      activesupport (>= 4.0.0)
    nio4r (2.7.4)
    nokogiri (1.18.3-aarch64-linux-gnu)
      racc (~> 1.4)
    nokogiri (1.18.3-arm64-darwin)
      racc (~> 1.4)
    nokogiri (1.18.3-x86_64-darwin)
      racc (~> 1.4)
    nokogiri (1.18.3-x86_64-linux-gnu)
      racc (~> 1.4)
    notiffany (0.1.3)
      nenv (~> 0.1)
      shellany (~> 0.0)
    oj (3.16.6)
      bigdecimal (>= 3.0)
      ostruct (>= 0.2)
    options (2.3.2)
    ostruct (0.6.1)
    parallel (1.26.3)
    parser (3.3.7.1)
      ast (~> 2.4.1)
      racc
    pp (0.6.2)
      prettyprint
    prettyprint (0.2.0)
    progress_bar (1.3.4)
      highline (>= 1.6)
      options (~> 2.3.0)
    propshaft (1.1.0)
      actionpack (>= 7.0.0)
      activesupport (>= 7.0.0)
      rack
      railties (>= 7.0.0)
    protocol-hpack (1.5.1)
    protocol-http (0.47.1)
    protocol-http1 (0.28.1)
      protocol-http (~> 0.22)
    protocol-http2 (0.22.0)
      protocol-hpack (~> 1.4)
      protocol-http (~> 0.18)
    pry (0.14.2)
      coderay (~> 1.1)
      method_source (~> 1.0)
    pry-rails (0.3.11)
      pry (>= 0.13.0)
    psych (5.2.3)
      date
      stringio
    public_suffix (6.0.1)
    puma (6.6.0)
      nio4r (~> 2.0)
    puma-rufus-scheduler (0.1.0)
    raabro (1.4.0)
    racc (1.8.1)
    rack (3.1.10)
    rack-attack (6.7.0)
      rack (>= 1.0, < 4)
    rack-canonical-host (1.3.0)
      addressable (> 0, < 3)
      rack (>= 1.6, < 4)
    rack-session (2.1.0)
      base64 (>= 0.1.0)
      rack (>= 3.0.0)
    rack-test (2.2.0)
      rack (>= 1.3)
    rackup (2.2.1)
      rack (>= 3)
    rails (7.2.2.1)
      actioncable (= 7.2.2.1)
      actionmailbox (= 7.2.2.1)
      actionmailer (= 7.2.2.1)
      actionpack (= 7.2.2.1)
      actiontext (= 7.2.2.1)
      actionview (= 7.2.2.1)
      activejob (= 7.2.2.1)
      activemodel (= 7.2.2.1)
      activerecord (= 7.2.2.1)
      activestorage (= 7.2.2.1)
      activesupport (= 7.2.2.1)
      bundler (>= 1.15.0)
      railties (= 7.2.2.1)
    rails-dom-testing (2.2.0)
      activesupport (>= 5.0.0)
      minitest
      nokogiri (>= 1.6)
    rails-html-sanitizer (1.6.2)
      loofah (~> 2.21)
      nokogiri (>= 1.15.7, != 1.16.7, != 1.16.6, != 1.16.5, != 1.16.4, != 1.16.3, != 1.16.2, != 1.16.1, != 1.16.0.rc1, != 1.16.0)
    railties (7.2.2.1)
      actionpack (= 7.2.2.1)
      activesupport (= 7.2.2.1)
      irb (~> 1.13)
      rackup (>= 1.0.0)
      rake (>= 12.2)
      thor (~> 1.0, >= 1.2.2)
      zeitwerk (~> 2.6)
    rainbow (3.1.1)
    rake (13.2.1)
    rb-fsevent (0.11.2)
    rb-inotify (0.11.1)
      ffi (~> 1.0)
    rdoc (6.12.0)
      psych (>= 4.0.0)
    regexp_parser (2.10.0)
    reline (0.6.0)
      io-console (~> 0.5)
    request_store (1.7.0)
      rack (>= 1.4)
    rspec (3.13.0)
      rspec-core (~> 3.13.0)
      rspec-expectations (~> 3.13.0)
      rspec-mocks (~> 3.13.0)
    rspec-core (3.13.3)
      rspec-support (~> 3.13.0)
    rspec-expectations (3.13.3)
      diff-lcs (>= 1.2.0, < 2.0)
      rspec-support (~> 3.13.0)
    rspec-mocks (3.13.2)
      diff-lcs (>= 1.2.0, < 2.0)
      rspec-support (~> 3.13.0)
    rspec-rails (7.1.1)
      actionpack (>= 7.0)
      activesupport (>= 7.0)
      railties (>= 7.0)
      rspec-core (~> 3.13)
      rspec-expectations (~> 3.13)
      rspec-mocks (~> 3.13)
      rspec-support (~> 3.13)
    rspec-support (3.13.2)
    rubocop (1.71.2)
      json (~> 2.3)
      language_server-protocol (>= 3.17.0)
      parallel (~> 1.10)
      parser (>= 3.3.0.2)
      rainbow (>= 2.2.2, < 4.0)
      regexp_parser (>= 2.9.3, < 3.0)
      rubocop-ast (>= 1.38.0, < 2.0)
      ruby-progressbar (~> 1.7)
      unicode-display_width (>= 2.4.0, < 4.0)
    rubocop-ast (1.38.0)
      parser (>= 3.3.1.0)
    rubocop-capybara (2.21.0)
      rubocop (~> 1.41)
    rubocop-factory_bot (2.26.1)
      rubocop (~> 1.61)
    rubocop-gemfile (0.1.0.beta3)
      rubocop (>= 0.35.0)
    rubocop-performance (1.23.1)
      rubocop (>= 1.48.1, < 2.0)
      rubocop-ast (>= 1.31.1, < 2.0)
    rubocop-rails (2.29.1)
      activesupport (>= 4.2.0)
      rack (>= 1.1)
      rubocop (>= 1.52.0, < 2.0)
      rubocop-ast (>= 1.31.1, < 2.0)
    rubocop-rspec (3.4.0)
      rubocop (~> 1.61)
    rubocop-rspec_rails (2.30.0)
      rubocop (~> 1.61)
      rubocop-rspec (~> 3, >= 3.0.1)
    ruby-progressbar (1.13.0)
    rufus-scheduler (3.9.2)
      fugit (~> 1.1, >= 1.11.1)
    securerandom (0.4.1)
    shellany (0.0.1)
    smart_properties (1.17.0)
    sqlite3 (1.7.3-aarch64-linux)
    sqlite3 (1.7.3-arm64-darwin)
    sqlite3 (1.7.3-x86_64-darwin)
    sqlite3 (1.7.3-x86_64-linux)
    standard (1.45.0)
      language_server-protocol (~> 3.17.0.2)
      lint_roller (~> 1.0)
      rubocop (~> 1.71.0)
      standard-custom (~> 1.0.0)
      standard-performance (~> 1.6)
    standard-custom (1.0.2)
      lint_roller (~> 1.0)
      rubocop (~> 1.50)
    standard-performance (1.6.0)
      lint_roller (~> 1.1)
      rubocop-performance (~> 1.23.0)
    stringio (3.1.5)
    tailwindcss-rails (4.1.0)
      railties (>= 7.0.0)
      tailwindcss-ruby (~> 4.0)
    tailwindcss-ruby (4.0.8-aarch64-linux-gnu)
    tailwindcss-ruby (4.0.8-arm64-darwin)
    tailwindcss-ruby (4.0.8-x86_64-darwin)
    tailwindcss-ruby (4.0.8-x86_64-linux-gnu)
    thor (1.3.2)
    tilt (2.4.0)
    timeout (0.4.3)
    traces (0.14.1)
    turbo-rails (2.0.11)
      actionpack (>= 6.0.0)
      railties (>= 6.0.0)
    tzinfo (2.0.6)
      concurrent-ruby (~> 1.0)
    unicode-display_width (3.1.4)
      unicode-emoji (~> 4.0, >= 4.0.4)
    unicode-emoji (4.0.4)
    useragent (0.16.11)
    web-console (4.2.1)
      actionview (>= 6.0.0)
      activemodel (>= 6.0.0)
      bindex (>= 0.4.0)
      railties (>= 6.0.0)
    websocket-driver (0.7.7)
      base64
      websocket-extensions (>= 0.1.0)
    websocket-extensions (0.1.5)
    zeitwerk (2.7.2)

PLATFORMS
  aarch64-linux
  arm64-darwin-22
  arm64-darwin-23
  arm64-darwin-24
  universal-darwin-21
  x86_64-linux

DEPENDENCIES
  annotate (~> 3.2)
  assert_json (~> 1.0.0)
  better_html (~> 2.1)
  bootsnap (~> 1.18)
  brakeman (~> 7.0)
  brotli (~> 0.6.0)
  bundler-audit (~> 0.9.2)
  cloudflare (~> 4.4)
  cloudflare-rails (~> 6.2)
  code-scanning-rubocop (~> 0.6.1)!
  data_migrate (~> 11.2)
  debug (~> 1.10)
  dockerfile-rails (~> 1.7)
  erb_lint (~> 0.9.0)
  guard-bundler-audit (~> 0.1.5)
  guard-erb_lint!
  guard-rspec (~> 4.7)
  guard-rubocop (~> 1.5)
  guard-shell (~> 0.7.2)
  honeybadger (~> 5.26)
  hotwire-livereload (~> 2.0)
  importmap-rails (~> 2.1)
  jb (~> 0.8.2)
  json-schema (~> 5.1)
  libxml-ruby (~> 5.0.3)
  litestack (~> 0.4.4)
  litestream (~> 0.12.0)
  lograge (~> 0.14.0)
  mail (< 2.9.0)
  nilify_blanks (~> 1.4)
  ostruct (~> 0.6.1)
  progress_bar (~> 1.3)
  propshaft (~> 1.1.0)
  pry-rails (~> 0.3.11)
  puma (~> 6.6)
  puma-rufus-scheduler (~> 0.1.0)
  rack-attack (~> 6.7)
  rack-canonical-host (~> 1.3)
  rails (~> 7.2)
  rspec-rails (~> 7.1)
  rubocop-capybara (~> 2.21)
  rubocop-factory_bot (~> 2.26)
  rubocop-gemfile (~> 0.1.0.beta3)
  rubocop-rails (~> 2.29)
  rubocop-rspec (~> 3.4)
  rubocop-rspec_rails (~> 2.30)
  rufus-scheduler (~> 3.9)
  standard (~> 1.45)
  tailwindcss-rails (~> 4.1)
  turbo-rails (~> 2.0)
  web-console (~> 4.2)

RUBY VERSION
   ruby 3.3.6p108

BUNDLED WITH
   2.5.23
